GEM
  remote: http://rubygems.org/
  specs:
    activerecord (2.3.8)
      activesupport (= 2.3.8)
    activesupport (2.3.8)
    ffi (0.6.3)
      rake (>= 0.8.7)
    rack (1.2.1)
    rake (0.8.7)
    sinatra (1.0)
      rack (>= 1.0)
    sqlite3 (0.1.1)
      ffi (>= 0.6.3)

PLATFORMS
  ruby

DEPENDENCIES
  activerecord
  sinatra
  sqlite3
